GEM
  remote: http://rubygems.org/
  specs:
    daemons (1.4.0)
    eventmachine (1.2.7)
    haml (5.1.2)
      temple (>= 0.8.0)
      tilt
    json (2.3.1)
    mustermann (2.0.2)
      ruby2_keywords (~> 0.0.1)
    rack (2.2.4)
    rack-protection (2.2.3)
      rack
    ruby2_keywords (0.0.5)
    sinatra (2.2.3)
      mustermann (~> 2.0)
      rack (~> 2.2)
      rack-protection (= 2.2.3)
      tilt (~> 2.0)
    temple (0.8.2)
    thin (1.8.1)
      daemons (~> 1.0, >= 1.0.9)
      eventmachine (~> 1.0, >= 1.0.4)
      rack (>= 1, < 3)
    tilt (2.0.11)

PLATFORMS
  ruby

DEPENDENCIES
  haml
  json
  sinatra (~> 2.2)
  thin (~> 1.8)

BUNDLED WITH
   2.2.22
